GEM
  remote: https://rubygems.org/
  specs:
    base64 (0.2.0)
    coffee-script (2.4.1)
      coffee-script-source
      execjs
    coffee-script-source (1.7.0)
    concurrent-ruby (1.3.5)
    execjs (2.0.2)
    ffi (1.17.1)
    haml (4.0.5)
      tilt
    json (1.8.1)
    mustermann (2.0.2)
      ruby2_keywords (~> 0.0.1)
    mysql2 (0.3.15)
    opal (0.6.1)
      source_map
      sprockets
    opal-haml (0.2.0)
      haml
      opal (>= 0.5.0, < 1.0.0)
    opal-jquery (0.2.0)
      opal (>= 0.5.0, < 1.0.0)
    rack (2.2.13)
    rack-protection (2.2.4)
      rack
    rake (12.3.3)
    rb-fsevent (0.11.2)
    rb-inotify (0.11.1)
      ffi (~> 1.0)
    ruby2_keywords (0.0.5)
    sass (3.7.4)
      sass-listen (~> 4.0.0)
    sass-listen (4.0.0)
      rb-fsevent (~> 0.9, >= 0.9.4)
      rb-inotify (~> 0.9, >= 0.9.7)
    sequel (4.10.0)
    sinatra (2.2.4)
      mustermann (~> 2.0)
      rack (~> 2.2)
      rack-protection (= 2.2.4)
      tilt (~> 2.0)
    sinatra-asset-pipeline (2.2.1)
      coffee-script (~> 2.4)
      rake (~> 12.3)
      sass (~> 3.5)
      sinatra (~> 2.0)
      sprockets (~> 3.7)
      sprockets-helpers (~> 1.2)
    source_map (3.0.1)
      json
    sprockets (3.7.5)
      base64
      concurrent-ruby (~> 1.0)
      rack (> 1, < 3)
    sprockets-helpers (1.4.0)
      sprockets (>= 2.2)
    tilt (2.6.0)

PLATFORMS
  ruby

DEPENDENCIES
  mysql2
  opal
  opal-haml
  opal-jquery
  sequel
  sinatra
  sinatra-asset-pipeline
